GIT
  remote: git://github.com/romul/spree-reviews.git
  revision: 4a7aa5066511d5d326e47faf7adaca2211087ec3
  specs:
    spree_reviews (0.50.1)
      spree_core (>= 0.50.0)

GIT
  remote: git://github.com/romul/spree_address_book.git
  revision: 5b9b989a7ec2dd8f68ed9c4e704bab82675a6c0c
  specs:
    spree_address_book (0.50.0)
      spree_auth (>= 0.50.0)
      spree_core (>= 0.50.0)

GIT
  remote: git://github.com/romul/spree_advanced_cart.git
  revision: 5f3365cf48594a72a3456f30fff0aa31ebba85ca
  specs:
    spree_advanced_cart (0.40.0)
      spree_core (>= 0.40.0)
      spree_promo (>= 0.40.0)

GIT
  remote: git://github.com/romul/spree_compare_products.git
  revision: a45844b779d7291f950a09e71af1ccdf0321c735
  specs:
    spree_compare_products (0.40.90)
      spree_core (>= 0.40.99)

GIT
  remote: git://github.com/romul/spree_editor.git
  revision: da5c7fcb980d39a2e0f71a7f132463c28ef8c665
  specs:
    spree_editor (0.50.0)
      spree_core (>= 0.40.0)

GIT
  remote: git://github.com/romul/spree_mobile_views.git
  revision: 9e56714f2c7ca00057eb48227c41c3a45ba0187a
  specs:
    spree_mobile_views (0.50.1)
      spree_core (>= 0.50.0)

GIT
  remote: git://github.com/romul/synergy_default_theme.git
  revision: f7fa37c97b38a295467069e57ee021162803d88c
  specs:
    synergy_default_theme (1.0.0)
      dalli (~> 1.0.3)
      synergy

GIT
  remote: git://github.com/secoint/synergy.git
  revision: 9675dd3d18935e13280faaae5027768586e89337
  specs:
    synergy (0.50.0.rc2)
      json (= 1.5.1)
      nokogiri (= 1.4.4)
      russian (= 0.2.7)
      spree (>= 0.50.2)
      spree_address_book (~> 0.50.0)
      spree_dynamic_sitemaps (~> 0.50.1)
      spree_editor (~> 0.50.0)
      spree_online_support (~> 0.50.0)
      spree_robokassa (~> 0.50.0)
      spree_static_content (~> 0.40.2)
      spree_yandex_market (~> 1.2.0)

GIT
  remote: git://github.com/spree/spree.git
  revision: 05749294b174d62d62b5e45c56987da25729b3b9
  branch: 0-60-stable
  specs:
    spree (0.60.0.RC1)
      spree_api (= 0.60.0.RC1)
      spree_auth (= 0.60.0.RC1)
      spree_core (= 0.60.0.RC1)
      spree_dash (= 0.60.0.RC1)
      spree_promo (= 0.60.0.RC1)
      spree_sample (= 0.60.0.RC1)
    spree_api (0.60.0.RC1)
      spree_auth (= 0.60.0.RC1)
      spree_core (= 0.60.0.RC1)
    spree_auth (0.60.0.RC1)
      cancan (= 1.6.4)
      devise (= 1.3.3)
      spree_core (= 0.60.0.RC1)
    spree_core (0.60.0.RC1)
      activemerchant (= 1.12.0)
      acts_as_list (= 0.1.2)
      faker (= 0.9.5)
      highline (= 1.5.1)
      jquery-rails (= 0.2.6)
      meta_search (= 1.0.1)
      nested_set (= 1.6.4)
      paperclip (= 2.3.8)
      rails (= 3.0.7)
      rd_find_by_param (= 0.1.1)
      rd_resource_controller
      rd_unobtrusive_date_picker (= 0.1.0)
      state_machine (= 0.9.4)
      stringex (= 1.0.3)
      will_paginate (= 3.0.pre2)
    spree_dash (0.60.0.RC1)
      spree_core (= 0.60.0.RC1)
    spree_promo (0.60.0.RC1)
      spree_core (= 0.60.0.RC1)
    spree_sample (0.60.0.RC1)
      spree_core (= 0.60.0.RC1)

GIT
  remote: git://github.com/spree/spree_i18n.git
  revision: c72c4cc954e9569e11c25af00cb795522a1d733c
  specs:
    spree_i18n (1.0.0)
      spree_core (>= 0.30.0)

GIT
  remote: git://github.com/spree/spree_recently_viewed.git
  revision: 546b63cbd591049d22dcfc71564cb453e73cad8c
  specs:
    spree_recently_viewed (1.0.0)
      spree_core (>= 0.40.0)

GIT
  remote: git://github.com/spree/spree_static_content.git
  revision: 5d074bbd1b7a26676c47980f833257058e645bd8
  specs:
    spree_static_content (0.40.2)
      spree_core (>= 0.30.0)
      spree_editor

GEM
  remote: http://rubygems.org/
  specs:
    abstract (1.0.0)
    actionmailer (3.0.7)
      actionpack (= 3.0.7)
      mail (~> 2.2.15)
    actionpack (3.0.7)
      activemodel (= 3.0.7)
      activesupport (= 3.0.7)
      builder (~> 2.1.2)
      erubis (~> 2.6.6)
      i18n (~> 0.5.0)
      rack (~> 1.2.1)
      rack-mount (~> 0.6.14)
      rack-test (~> 0.5.7)
      tzinfo (~> 0.3.23)
    activemerchant (1.12.0)
      activesupport (>= 2.3.8)
      braintree (>= 2.0.0)
      builder (>= 2.0.0)
    activemodel (3.0.7)
      activesupport (= 3.0.7)
      builder (~> 2.1.2)
      i18n (~> 0.5.0)
    activerecord (3.0.7)
      activemodel (= 3.0.7)
      activesupport (= 3.0.7)
      arel (~> 2.0.2)
      tzinfo (~> 0.3.23)
    activeresource (3.0.7)
      activemodel (= 3.0.7)
      activesupport (= 3.0.7)
    activesupport (3.0.7)
    acts_as_list (0.1.2)
    arel (2.0.9)
    bcrypt-ruby (2.1.4)
    braintree (2.10.0)
      builder
    builder (2.1.2)
    cancan (1.6.4)
    dalli (1.0.3)
    devise (1.3.3)
      bcrypt-ruby (~> 2.1.2)
      orm_adapter (~> 0.0.3)
      warden (~> 1.0.3)
    erubis (2.6.6)
      abstract (>= 1.0.0)
    faker (0.9.5)
      i18n (~> 0.4)
    highline (1.5.1)
    hoptoad_notifier (2.4.9)
      activesupport
      builder
    i18n (0.5.0)
    jquery-rails (0.2.6)
      rails (~> 3.0)
      thor (~> 0.14.4)
    json (1.5.1)
    mail (2.2.19)
      activesupport (>= 2.3.6)
      i18n (>= 0.4.0)
      mime-types (~> 1.16)
      treetop (~> 1.4.8)
    meta_search (1.0.1)
      actionpack (~> 3.0.2)
      activerecord (~> 3.0.2)
      activesupport (~> 3.0.2)
      arel (~> 2.0.2)
    mime-types (1.16)
    mysql2 (0.2.7)
    nested_set (1.6.4)
      activerecord (>= 3.0.0)
      railties (>= 3.0.0)
    nokogiri (1.4.4)
    orm_adapter (0.0.4)
    paperclip (2.3.8)
      activerecord
      activesupport
    polyglot (0.3.1)
    rack (1.2.2)
    rack-mount (0.6.14)
      rack (>= 1.0.0)
    rack-test (0.5.7)
      rack (>= 1.0)
    rails (3.0.7)
      actionmailer (= 3.0.7)
      actionpack (= 3.0.7)
      activerecord (= 3.0.7)
      activeresource (= 3.0.7)
      activesupport (= 3.0.7)
      bundler (~> 1.0)
      railties (= 3.0.7)
    railties (3.0.7)
      actionpack (= 3.0.7)
      activesupport (= 3.0.7)
      rake (>= 0.8.7)
      thor (~> 0.14.4)
    rake (0.8.7)
    rd_find_by_param (0.1.1)
      activerecord (~> 3.0)
      activesupport (~> 3.0)
    rd_resource_controller (1.0.1)
    rd_unobtrusive_date_picker (0.1.0)
    russian (0.2.7)
    spree_dynamic_sitemaps (0.50.1)
    spree_online_support (0.50.0)
      spree_core (>= 0.40.3)
    spree_robokassa (0.50.0)
      spree_core (>= 0.30.1)
    spree_yandex_market (1.2.0)
      nokogiri (~> 1.4.0)
      spree_core (>= 0.50.0)
    sqlite3 (1.3.3)
    state_machine (0.9.4)
    stringex (1.0.3)
    thor (0.14.6)
    treetop (1.4.9)
      polyglot (>= 0.3.1)
    tzinfo (0.3.27)
    warden (1.0.4)
      rack (>= 1.0)
    will_paginate (3.0.pre2)
    yaml_db (0.2.1)

PLATFORMS
  ruby

DEPENDENCIES
  dalli
  hoptoad_notifier (~> 2.3)
  mysql2 (= 0.2.7)
  rails (= 3.0.7)
  russian
  spree!
  spree_address_book!
  spree_advanced_cart!
  spree_compare_products!
  spree_dynamic_sitemaps
  spree_editor!
  spree_i18n!
  spree_mobile_views!
  spree_online_support
  spree_recently_viewed!
  spree_reviews!
  spree_robokassa
  spree_static_content!
  spree_yandex_market
  sqlite3
  synergy!
  synergy_default_theme!
  yaml_db
