GIT
  remote: git://github.com/romul/spree-reviews.git
  revision: 507d41649b1dfa04c70322568be93e19dd8ce11d
  specs:
    spree_reviews (0.50.1)
      spree_core (>= 0.50.0)

GIT
  remote: git://github.com/romul/spree_advanced_cart.git
  revision: c84b330aa7f2e2a79a8abee0f92f6f5765f12774
  specs:
    spree_advanced_cart (0.40.0)
      spree_core (>= 0.40.0)
      spree_promo (>= 0.40.0)
      zip-code-info (>= 0.1.0)

GIT
  remote: git://github.com/romul/spree_mobile_views.git
  revision: 3885b0c406f5d851ade9ff2d3724851ace5cccbe
  specs:
    spree_mobile_views (0.50.2)
      spree_core (>= 0.50.0)

GIT
  remote: git://github.com/secoint/spree.git
  revision: 3c8b4e1c9be25f6ae4682b7f715d73be76197fd9
  branch: 0-60-stable
  specs:
    spree (0.60.6)
      spree_api (= 0.60.6)
      spree_auth (= 0.60.6)
      spree_core (= 0.60.6)
      spree_dash (= 0.60.6)
      spree_promo (= 0.60.6)
      spree_sample (= 0.60.6)
    spree_api (0.60.6)
      spree_auth (= 0.60.6)
      spree_core (= 0.60.6)
    spree_auth (0.60.6)
      cancan (= 1.6.4)
      devise (= 1.3.3)
      spree_core (= 0.60.6)
    spree_core (0.60.6)
      activemerchant (= 1.15.0)
      acts_as_list (= 0.1.2)
      faker (= 0.9.5)
      highline (= 1.5.1)
      jquery-rails (= 0.2.6)
      meta_search (= 1.0.5)
      nested_set (= 1.6.7)
      paperclip (= 2.3.11)
      rails (~> 3.0.10)
      rd_find_by_param (= 0.1.1)
      rd_resource_controller
      rd_unobtrusive_date_picker (= 0.1.0)
      state_machine (= 0.9.4)
      stringex (= 1.0.3)
      will_paginate (= 3.0.2)
    spree_dash (0.60.6)
      spree_core (= 0.60.6)
    spree_promo (0.60.6)
      spree_core (= 0.60.6)
    spree_sample (0.60.6)
      spree_core (= 0.60.6)

GIT
  remote: git://github.com/secoint/synergy.git
  revision: a1723e69d8ab4bf4ed551ba887d64e37aaefef5d
  branch: 0-60-stable
  specs:
    synergy (0.60.1)
      json (~> 1.5.1)
      nokogiri (~> 1.4.4)
      ru_propisju (~> 1.1.0)
      spree (~> 0.60.0)
      spree_address_book (~> 0.50.1)
      spree_dynamic_sitemaps (~> 0.50.1)
      spree_editor (~> 0.50.1)
      spree_online_support (~> 0.50.0)
      spree_robokassa (~> 0.50.2)
      spree_static_content (~> 0.60.1)
      spree_yandex_market (~> 1.2.0)
      synergy_russian (= 0.2.8)

GIT
  remote: git://github.com/secoint/synergy_inventory_management.git
  revision: 486bf5819ecd92311a66424b4d9707d215dc02c7
  branch: 0-60
  specs:
    synergy_inventory_management (0.2)
      spree_core (>= 0.60.1)

GIT
  remote: git://github.com/spree/spree_i18n.git
  revision: a185d160047ce54f07bd47f7d417d9e2681fbb07
  ref: a185d160047ce54f07bd47f7d417d9e2681fbb07
  specs:
    spree_i18n (1.0.0)
      spree_core (>= 0.30.0)

GIT
  remote: git://github.com/spree/spree_recently_viewed.git
  revision: 8518e54b2e50c94bb9cbd9c3f29dd78ee3bda5c6
  specs:
    spree_recently_viewed (1.1)
      spree_core (>= 0.40.0)

GEM
  remote: http://rubygems.org/
  specs:
    abstract (1.0.0)
    actionmailer (3.0.19)
      actionpack (= 3.0.19)
      mail (~> 2.2.19)
    actionpack (3.0.19)
      activemodel (= 3.0.19)
      activesupport (= 3.0.19)
      builder (~> 2.1.2)
      erubis (~> 2.6.6)
      i18n (~> 0.5.0)
      rack (~> 1.2.5)
      rack-mount (~> 0.6.14)
      rack-test (~> 0.5.7)
      tzinfo (~> 0.3.23)
    activemerchant (1.15.0)
      activesupport (>= 2.3.8)
      braintree (>= 2.0.0)
      builder (>= 2.0.0)
    activemodel (3.0.19)
      activesupport (= 3.0.19)
      builder (~> 2.1.2)
      i18n (~> 0.5.0)
    activerecord (3.0.19)
      activemodel (= 3.0.19)
      activesupport (= 3.0.19)
      arel (~> 2.0.10)
      tzinfo (~> 0.3.23)
    activeresource (3.0.19)
      activemodel (= 3.0.19)
      activesupport (= 3.0.19)
    activesupport (3.0.19)
    acts_as_list (0.1.2)
    airbrake (3.0.9)
      activesupport
      builder
    arel (2.0.10)
    bcrypt-ruby (2.1.4)
    braintree (2.22.0)
      builder (>= 2.0.0)
    builder (2.1.2)
    cancan (1.6.4)
    capistrano (2.12.0)
      highline
      net-scp (>= 1.0.0)
      net-sftp (>= 2.0.0)
      net-ssh (>= 2.0.14)
      net-ssh-gateway (>= 1.1.0)
    dalli (1.0.5)
    devise (1.3.3)
      bcrypt-ruby (~> 2.1.2)
      orm_adapter (~> 0.0.3)
      warden (~> 1.0.3)
    erubis (2.6.6)
      abstract (>= 1.0.0)
    faker (0.9.5)
      i18n (~> 0.4)
    formtastic (1.2.4)
      actionpack (>= 2.3.7)
      activesupport (>= 2.3.7)
      i18n (~> 0.4)
    highline (1.5.1)
    i18n (0.5.0)
    jquery-rails (0.2.6)
      rails (~> 3.0)
      thor (~> 0.14.4)
    json (1.5.4)
    kgio (2.7.4)
    mail (2.2.19)
      activesupport (>= 2.3.6)
      i18n (>= 0.4.0)
      mime-types (~> 1.16)
      treetop (~> 1.4.8)
    meta_search (1.0.5)
      actionpack (~> 3.0.2)
      activerecord (~> 3.0.2)
      activesupport (~> 3.0.2)
      arel (~> 2.0.2)
    mime-types (1.19)
    mysql2 (0.2.11)
    nested_set (1.6.7)
      activerecord (>= 3.0.0)
      railties (>= 3.0.0)
    net-scp (1.0.4)
      net-ssh (>= 1.99.1)
    net-sftp (2.0.5)
      net-ssh (>= 2.0.9)
    net-ssh (2.3.0)
    net-ssh-gateway (1.1.0)
      net-ssh (>= 1.99.1)
    nokogiri (1.4.7)
    orm_adapter (0.0.7)
    paperclip (2.3.11)
      activerecord (>= 2.3.0)
      activesupport (>= 2.3.2)
    polyglot (0.3.3)
    rack (1.2.6)
    rack-mount (0.6.14)
      rack (>= 1.0.0)
    rack-test (0.5.7)
      rack (>= 1.0)
    rails (3.0.19)
      actionmailer (= 3.0.19)
      actionpack (= 3.0.19)
      activerecord (= 3.0.19)
      activeresource (= 3.0.19)
      activesupport (= 3.0.19)
      bundler (~> 1.0)
      railties (= 3.0.19)
    railties (3.0.19)
      actionpack (= 3.0.19)
      activesupport (= 3.0.19)
      rake (>= 0.8.7)
      rdoc (~> 3.4)
      thor (~> 0.14.4)
    raindrops (0.8.1)
    rake (10.0.3)
    rd_find_by_param (0.1.1)
      activerecord (~> 3.0)
      activesupport (~> 3.0)
    rd_resource_controller (1.0.1)
    rd_unobtrusive_date_picker (0.1.0)
    rdoc (3.12)
      json (~> 1.4)
    ru_propisju (1.1.0)
    russian (0.2.7)
    spree_address_book (0.50.2)
      spree_auth (>= 0.50.0)
      spree_core (>= 0.50.0)
    spree_compare_products (0.50.0)
      spree_core (>= 0.50.2)
    spree_dynamic_sitemaps (0.50.1)
    spree_editor (0.50.1)
      spree_core (>= 0.40.0)
    spree_online_support (0.50.0)
      spree_core (>= 0.40.3)
    spree_robokassa (0.50.2)
      spree_core (>= 0.40.0)
    spree_static_content (0.60.1)
      formtastic (~> 1.2.3)
      spree_core (>= 0.60.0)
      spree_editor (>= 0.50.0)
    spree_yandex_market (1.2.0)
      nokogiri (~> 1.4.0)
      spree_core (>= 0.50.0)
    state_machine (0.9.4)
    stringex (1.0.3)
    synergy_default_theme (1.0.2)
      dalli (~> 1.0.3)
      synergy
    synergy_russian (0.2.8)
    thor (0.14.6)
    treetop (1.4.12)
      polyglot
      polyglot (>= 0.3.1)
    tzinfo (0.3.35)
    unicorn (4.3.1)
      kgio (~> 2.6)
      rack
      raindrops (~> 0.7)
    warden (1.0.6)
      rack (>= 1.0)
    will_paginate (3.0.2)
    yaml_db (0.2.1)
    zip-code-info (0.1.0)

PLATFORMS
  ruby

DEPENDENCIES
  airbrake
  capistrano
  dalli
  mysql2 (~> 0.2.7)
  rails (= 3.0.19)
  russian
  spree!
  spree_advanced_cart!
  spree_compare_products
  spree_i18n!
  spree_mobile_views!
  spree_recently_viewed!
  spree_reviews!
  synergy!
  synergy_default_theme (= 1.0.2)
  synergy_inventory_management!
  unicorn
  yaml_db
